GEM
  remote: http://rubygems.org/
  specs:
    actionmailer (2.3.2)
      actionpack (= 2.3.2)
    actionpack (2.3.2)
      activesupport (= 2.3.2)
    activerecord (2.3.2)
      activesupport (= 2.3.2)
    activeresource (2.3.2)
      activesupport (= 2.3.2)
    activesupport (2.3.2)
    arrayfields (4.7.4)
    bj (1.0.1)
      main (>= 2.6.0)
      orderedhash (>= 0.0.3)
      systemu (>= 1.2.0)
    exifr (1.0.3)
    fattr (2.2.0)
    haml (2.0.9)
    main (4.4.0)
      arrayfields (>= 4.7.4)
      fattr (>= 2.1.0)
    orderedhash (0.0.6)
    rails (2.3.2)
      actionmailer (= 2.3.2)
      actionpack (= 2.3.2)
      activerecord (= 2.3.2)
      activeresource (= 2.3.2)
      activesupport (= 2.3.2)
      rake (>= 0.8.3)
    rake (0.8.7)
    systemu (1.2.0)
    will_paginate (2.3.15)

PLATFORMS
  ruby

DEPENDENCIES
  bj (= 1.0.1)
  exifr
  haml (= 2.0.9)
  rails (= 2.3.2)
  will_paginate (~> 2.3.6)
