GEM
  remote: http://rubygems.org/
  specs:
    actionmailer (2.3.11)
      actionpack (= 2.3.11)
    actionpack (2.3.11)
      activesupport (= 2.3.11)
      rack (~> 1.1.0)
    activerecord (2.3.11)
      activesupport (= 2.3.11)
    activeresource (2.3.11)
      activesupport (= 2.3.11)
    activesupport (2.3.11)
    arrayfields (4.7.4)
    bj (1.0.1)
      main (>= 2.6.0)
      orderedhash (>= 0.0.3)
      systemu (>= 1.2.0)
    capistrano (2.5.19)
      highline
      net-scp (>= 1.0.0)
      net-sftp (>= 2.0.0)
      net-ssh (>= 2.0.14)
      net-ssh-gateway (>= 1.0.0)
    exifr (1.0.4)
    faker (0.9.5)
      i18n (~> 0.4)
    fattr (2.2.0)
    haml (2.0.9)
    highline (1.6.1)
    i18n (0.5.0)
    machinist (1.0.6)
    main (4.4.0)
      arrayfields (>= 4.7.4)
      fattr (>= 2.1.0)
    net-scp (1.0.4)
      net-ssh (>= 1.99.1)
    net-sftp (2.0.5)
      net-ssh (>= 2.0.9)
    net-ssh (2.1.3)
    net-ssh-gateway (1.0.1)
      net-ssh (>= 1.99.1)
    orderedhash (0.0.6)
    pg (0.10.1)
    rack (1.1.1)
    rails (2.3.11)
      actionmailer (= 2.3.11)
      actionpack (= 2.3.11)
      activerecord (= 2.3.11)
      activeresource (= 2.3.11)
      activesupport (= 2.3.11)
      rake (>= 0.8.3)
    rake (0.8.7)
    rcov (0.9.9)
    rr (0.10.11)
    rspec (1.2.9)
    rspec-rails (1.2.9)
      rack (>= 1.0.0)
      rspec (>= 1.2.9)
    sqlite3 (1.3.3)
    systemu (1.2.0)
    will_paginate (2.3.15)

PLATFORMS
  ruby

DEPENDENCIES
  bj (= 1.0.1)
  capistrano (~> 2.5)
  exifr
  faker
  haml (= 2.0.9)
  machinist (~> 1.0.6)
  pg
  rails (= 2.3.11)
  rcov
  rr (~> 0.10.4)
  rspec (~> 1.2.9)
  rspec-rails (~> 1.2.9)
  sqlite3
  will_paginate (~> 2.3.6)
